##TITLE= Parameter file, TOPSPIN		Version 1.5
##JCAMPDX= 5.0
##DATATYPE= Parameter Values
##ORIGIN= UXNMR, Bruker Analytische Messtechnik GmbH
##OWNER= root
$$ 2015-09-21 16:19:19.666 +0200  nmr@MVMVM040
$$ /opt/topspin/data/nmrsu/nmr/cg_7Li_Diff30_5mm/5/pdata/1/procs
##$ABSF1= 387.036
##$ABSF2= -127.1883
##$ABSG= 5
##$ABSL= 3
##$ALPHA= 0
##$AQORDER= 0
##$ASSFAC= 0
##$ASSFACI= 0
##$ASSFACX= 0
##$ASSWID= 0
##$AUNMP= <proc_1d>
##$AXLEFT= 0
##$AXRIGHT= 0
##$AXTYPE= 0
##$AXUNIT= <>
##$AZFE= 0.1
##$AZFW= 0.1
##$BCFW= 0
##$BC_mod= 2
##$BYTORDP= 0
##$COROFFS= 0
##$CY= 15
##$DATMOD= 1
##$DC= 0
##$DFILT= <>
##$DTYPP= 0
##$F1P= 24.6044006347656
##$F2P= -25.3574072209683
##$FCOR= 0.5
##$FTSIZE= 32768
##$FT_mod= 6
##$GAMMA= 0
##$GB= 0
##$INTBC= 1
##$INTSCL= 1
##$ISEN= 128
##$LB= 50
##$LEV0= 0
##$LPBIN= 0
##$MAXI= 14.5
##$MC2= 0
##$MEAN= 0
##$ME_mod= 0
##$MI= 0
##$NCOEF= 0
##$NC_proc= -11
##$NLEV= 6
##$NOISF1= 8.750934
##$NOISF2= 8.03717
##$NSP= 0
##$NTH_PF= 0
##$NTH_PI= 0
##$NZP= 0
##$OFFSET= 387.036
##$PC= 1
##$PHC0= -73.25672
##$PHC1= -80.72057
##$PH_mod= 1
##$PKNL= yes
##$PPARMOD= 0
##$PPDIAG= 0
##$PPIPTYP= 0
##$PPMPNUM= 100
##$PPRESOL= 1
##$PSCAL= 0
##$PSIGN= 0
##$REVERSE= no
##$SF= 77.7870681534546
##$SI= 32768
##$SIGF1= 4.810569
##$SIGF2= 4.634573
##$SINO= 400
##$SIOLD= 8192
##$SREGLST= <1H.CDCl3>
##$SSB= 0
##$STSI= 32768
##$STSR= 0
##$SW_p= 40000
##$SYMM= 0
##$S_DEV= 0
##$T1D= 5
##$TDeff= 32768
##$TDoff= 0
##$TI= <>
##$TILT= no
##$TM1= 0
##$TM2= 0
##$TOPLEV= 0
##$USERP1= <user>
##$USERP2= <user>
##$USERP3= <user>
##$USERP4= <user>
##$USERP5= <user>
##$WDW= 1
##$XDIM= 8192
##$YMAX_p= 320170303
##$YMIN_p= -85880458
##END=
