##TITLE= Parameter file, TOPSPIN		Version 1.5
##JCAMPDX= 5.0
##DATATYPE= Parameter Values
##ORIGIN= UXNMR, Bruker Analytische Messtechnik GmbH
##OWNER= root
$$ 2013-07-11 13:47:28.806 +0200  nmr@MVMVM040
$$ /opt/topspin/data/nmrsu/nmr/shim_7Li_Diff30_5mm/1/pdata/999//proc
##$ABSF1= 27.10158
##$ABSF2= -27.85488
##$ABSG= 5
##$ABSL= 3
##$ALPHA= 0
##$AQORDER= 0
##$ASSFAC= 0
##$ASSFACI= 0
##$ASSFACX= 0
##$ASSWID= 0
##$AUNMP= <proc_1d>
##$AXLEFT= 0
##$AXRIGHT= 0
##$AXTYPE= 0
##$AXUNIT= <>
##$AZFE= 0.1
##$AZFW= 0.1
##$BCFW= 1
##$BC_mod= 2
##$BYTORDP= 0
##$COROFFS= 0
##$CY= 15
##$DATMOD= 1
##$DC= 2
##$DFILT= <>
##$DTYPP= 0
##$F1P= 24.6044006347656
##$F2P= -25.3574072209683
##$FCOR= 0.5
##$FTSIZE= 4096
##$FT_mod= 6
##$GAMMA= 1
##$GB= 0
##$INTBC= 1
##$INTSCL= 1
##$ISEN= 128
##$LB= 20
##$LEV0= 0
##$LPBIN= 0
##$MAXI= 14.5
##$MC2= 0
##$MEAN= 0
##$ME_mod= 0
##$MI= 0
##$NCOEF= 0
##$NC_proc= 0
##$NLEV= 6
##$NOISF1= 8.750934
##$NOISF2= 8.03717
##$NSP= 1
##$NTH_PF= 0
##$NTH_PI= 0
##$NZP= 0
##$OFFSET= 41.85805
##$PC= 1
##$PHC0= -18.41312
##$PHC1= -21.61844
##$PH_mod= 2
##$PKNL= yes
##$PPARMOD= 0
##$PPDIAG= 0
##$PPIPTYP= 0
##$PPMPNUM= 100
##$PPRESOL= 1
##$PSCAL= 0
##$PSIGN= 0
##$REVERSE= no
##$SF= 200.152478457871
##$SI= 1048576
##$SIGF1= 4.810569
##$SIGF2= 4.634573
##$SINO= 400
##$SIOLD= 1048576
##$SREGLST= <1H.CDCl3>
##$SSB= 0
##$STSI= 635720
##$STSR= 0
##$SW_p= 20000
##$SYMM= 0
##$S_DEV= 0
##$T1D= 5
##$TDeff= 0
##$TDoff= 0
##$TI= <>
##$TILT= no
##$TM1= 0
##$TM2= 0
##$TOPLEV= 0
##$USERP1= <user>
##$USERP2= <user>
##$USERP3= <user>
##$USERP4= <user>
##$USERP5= <user>
##$WDW= 1
##$XDIM= 8192
##$YMAX_p= 0
##$YMIN_p= 0
##END=
